GEM
  remote: https://rubygems.org/
  specs:
    activesupport (5.2.4.1)
      concurrent-ruby (~> 1.0, >= 1.0.2)
      i18n (>= 0.7, < 2)
      minitest (~> 5.1)
      tzinfo (~> 1.1)
    ai4r (1.13)
    ansi (1.5.0)
    anyway_config (1.4.4)
    ast (2.4.0)
    axiom-types (0.1.1)
      descendants_tracker (~> 0.0.4)
      ice_nine (~> 0.11.0)
      thread_safe (~> 0.3, >= 0.3.1)
    backport (1.1.2)
    benchmark (0.1.0)
    benchmark-ips (2.7.2)
    builder (3.2.4)
    byebug (11.0.1)
    coercible (1.0.0)
      descendants_tracker (~> 0.0.1)
    concurrent-ruby (1.1.6)
    descendants_tracker (0.0.4)
      thread_safe (~> 0.3, >= 0.3.1)
    docile (1.3.2)
    e2mmap (0.1.0)
    equalizer (0.0.11)
    grape (0.18.0)
      activesupport
      builder
      hashie (>= 2.1.0)
      multi_json (>= 1.3.2)
      multi_xml (>= 0.5.2)
      mustermann-grape (~> 0.4.0)
      rack (>= 1.3.0)
      rack-accept
      virtus (>= 1.0.0)
    grape-entity (0.7.1)
      activesupport (>= 4.0)
      multi_json (>= 1.3.2)
    grape-swagger (0.25.3)
      grape (>= 0.12.0)
    grape-swagger-entity (0.1.5)
      grape-entity
      grape-swagger (>= 0.20.4)
    grape_logging (1.8.3)
      grape
      rack
    hashie (4.1.0)
    i18n (1.8.2)
      concurrent-ruby (~> 1.0)
    ice_nine (0.11.2)
    jaro_winkler (1.5.4)
    json (2.3.0)
    litecable (0.5.0)
      anyway_config (~> 1.0)
    maruku (0.7.3)
    mini_portile2 (2.4.0)
    minitest (5.14.0)
    minitest-around (0.5.0)
      minitest (~> 5.0)
    minitest-bisect (1.5.1)
      minitest-server (~> 1.0)
      path_expander (~> 1.1)
    minitest-focus (1.1.2)
      minitest (>= 4, < 6)
    minitest-reporters (1.4.2)
      ansi
      builder
      minitest (>= 5.0)
      ruby-progressbar
    minitest-server (1.0.6)
      minitest (~> 5.0)
    minitest-stub_any_instance (1.0.2)
    mono_logger (1.1.0)
    multi_json (1.14.1)
    multi_xml (0.6.0)
    mustermann (0.4.0)
      tool (~> 0.2)
    mustermann-grape (0.4.0)
      mustermann (= 0.4.0)
    nio4r (2.5.2)
    nokogiri (1.10.9)
      mini_portile2 (~> 2.4.0)
    parallel (1.19.1)
    parser (2.7.0.4)
      ast (~> 2.4.0)
    path_expander (1.1.0)
    puma (4.3.3)
      nio4r (~> 2.0)
    rack (1.5.5)
    rack-accept (0.4.5)
      rack (>= 0.4)
    rack-contrib (1.8.0)
      rack (~> 1.4)
    rack-cors (1.0.3)
    rack-protection (1.5.5)
      rack
    rack-test (1.1.0)
      rack (>= 1.0, < 3)
    rainbow (3.0.0)
    rake (10.3.2)
    rakeup (1.2.0)
      rack (~> 1.5.0)
      rake (~> 10.3.0)
    redis (3.3.5)
    redis-namespace (1.6.0)
      redis (>= 3.0.4)
    require_all (3.0.0)
    resque (1.27.4)
      mono_logger (~> 1.0)
      multi_json (~> 1.0)
      redis-namespace (~> 1.3)
      sinatra (>= 0.9.2)
      vegas (~> 0.1.2)
    resque-status (0.5.0)
      resque (~> 1.19)
    reverse_markdown (1.4.0)
      nokogiri
    rexml (3.2.4)
    rubocop (0.80.1)
      jaro_winkler (~> 1.5.1)
      parallel (~> 1.10)
      parser (>= 2.7.0.1)
      rainbow (>= 2.2.2, < 4.0)
      rexml
      ruby-progressbar (~> 1.7)
      unicode-display_width (>= 1.4.0, < 1.7)
    rubocop-minitest (0.7.0)
      rubocop (>= 0.74)
    rubocop-performance (1.5.2)
      rubocop (>= 0.71.0)
    rubrowser (2.7.1)
      litecable
      parser (~> 2.3, >= 2.3.0)
      puma
      websocket
    ruby-progressbar (1.10.1)
    sim_annealing (0.0.2)
    simplecov (0.17.1)
      docile (~> 1.1)
      json (>= 1.8, < 3)
      simplecov-html (~> 0.10.0)
    simplecov-html (0.10.2)
    sinatra (1.4.8)
      rack (~> 1.5)
      rack-protection (~> 1.4)
      tilt (>= 1.3, < 3)
    solargraph (0.38.5)
      backport (~> 1.1)
      benchmark
      bundler (>= 1.17.2)
      e2mmap
      jaro_winkler (~> 1.5)
      maruku (~> 0.7, >= 0.7.3)
      nokogiri (~> 1.9, >= 1.9.1)
      parser (~> 2.3)
      reverse_markdown (~> 1.0, >= 1.0.5)
      rubocop (~> 0.52)
      thor (~> 1.0)
      tilt (~> 2.0)
      yard (~> 0.9)
    thor (1.0.1)
    thread_safe (0.3.6)
    tilt (2.0.10)
    tool (0.2.3)
    tzinfo (1.2.6)
      thread_safe (~> 0.1)
    unicode-display_width (1.6.1)
    vegas (0.1.11)
      rack (>= 1.0.0)
    virtus (1.0.5)
      axiom-types (~> 0.1)
      coercible (~> 1.0)
      descendants_tracker (~> 0.0, >= 0.0.3)
      equalizer (~> 0.0, >= 0.0.9)
    websocket (1.2.8)
    yard (0.9.24)

PLATFORMS
  ruby

DEPENDENCIES
  ai4r
  benchmark-ips
  byebug
  grape (< 0.19.0)
  grape-entity
  grape-swagger (< 0.26.0)
  grape-swagger-entity (< 0.1.6)
  grape_logging
  minitest
  minitest-around
  minitest-bisect
  minitest-focus
  minitest-reporters
  minitest-stub_any_instance
  rack
  rack-contrib
  rack-cors
  rack-test
  rakeup
  require_all
  resque (< 2)
  resque-status (> 0.4)
  rubocop
  rubocop-minitest
  rubocop-performance
  rubrowser
  sim_annealing
  simplecov
  solargraph

RUBY VERSION
   ruby 2.3.3p222

BUNDLED WITH
   2.0.2
