GEM
  remote: https://rubygems.org/
  specs:
    activesupport (5.2.4.2)
      concurrent-ruby (~> 1.0, >= 1.0.2)
      i18n (>= 0.7, < 2)
      minitest (~> 5.1)
      tzinfo (~> 1.1)
    ai4r (1.13)
    ansi (1.5.0)
    anyway_config (1.4.4)
    ast (2.4.0)
    backport (1.1.2)
    benchmark (0.1.0)
    benchmark-ips (2.7.2)
    builder (3.2.4)
    byebug (11.0.1)
    concurrent-ruby (1.1.6)
    docile (1.3.2)
    e2mmap (0.1.0)
    i18n (1.8.2)
      concurrent-ruby (~> 1.0)
    jaro_winkler (1.5.4)
    json (2.3.0)
    litecable (0.5.0)
      anyway_config (~> 1.0)
    maruku (0.7.3)
    mini_portile2 (2.4.0)
    minitest (5.14.0)
    minitest-around (0.5.0)
      minitest (~> 5.0)
    minitest-bisect (1.5.1)
      minitest-server (~> 1.0)
      path_expander (~> 1.1)
    minitest-focus (1.1.2)
      minitest (>= 4, < 6)
    minitest-reporters (1.4.2)
      ansi
      builder
      minitest (>= 5.0)
      ruby-progressbar
    minitest-server (1.0.6)
      minitest (~> 5.0)
    minitest-stub_any_instance (1.0.2)
    nio4r (2.5.2)
    nokogiri (1.10.9)
      mini_portile2 (~> 2.4.0)
    parallel (1.19.1)
    parser (2.7.0.4)
      ast (~> 2.4.0)
    path_expander (1.1.0)
    puma (4.3.3)
      nio4r (~> 2.0)
    rack (1.5.5)
    rack-contrib (1.8.0)
      rack (~> 1.4)
    rack-cors (1.0.3)
    rack-test (1.1.0)
      rack (>= 1.0, < 3)
    rainbow (3.0.0)
    rake (10.3.2)
    rakeup (1.2.0)
      rack (~> 1.5.0)
      rake (~> 10.3.0)
    require_all (3.0.0)
    reverse_markdown (1.4.0)
      nokogiri
    rexml (3.2.4)
    rubocop (0.80.1)
      jaro_winkler (~> 1.5.1)
      parallel (~> 1.10)
      parser (>= 2.7.0.1)
      rainbow (>= 2.2.2, < 4.0)
      rexml
      ruby-progressbar (~> 1.7)
      unicode-display_width (>= 1.4.0, < 1.7)
    rubocop-minitest (0.7.0)
      rubocop (>= 0.74)
    rubocop-performance (1.5.2)
      rubocop (>= 0.71.0)
    rubrowser (2.7.1)
      litecable
      parser (~> 2.3, >= 2.3.0)
      puma
      websocket
    ruby-progressbar (1.10.1)
    simplecov (0.17.1)
      docile (~> 1.1)
      json (>= 1.8, < 3)
      simplecov-html (~> 0.10.0)
    simplecov-html (0.10.2)
    solargraph (0.38.5)
      backport (~> 1.1)
      benchmark
      bundler (>= 1.17.2)
      e2mmap
      jaro_winkler (~> 1.5)
      maruku (~> 0.7, >= 0.7.3)
      nokogiri (~> 1.9, >= 1.9.1)
      parser (~> 2.3)
      reverse_markdown (~> 1.0, >= 1.0.5)
      rubocop (~> 0.52)
      thor (~> 1.0)
      tilt (~> 2.0)
      yard (~> 0.9)
    thor (1.0.1)
    thread_safe (0.3.6)
    tilt (2.0.10)
    tzinfo (1.2.6)
      thread_safe (~> 0.1)
    unicode-display_width (1.6.1)
    websocket (1.2.8)
    yard (0.9.24)

PLATFORMS
  ruby

DEPENDENCIES
  activesupport
  ai4r
  benchmark-ips
  byebug
  minitest
  minitest-around
  minitest-bisect
  minitest-focus
  minitest-reporters
  minitest-stub_any_instance
  rack
  rack-contrib
  rack-cors
  rack-test
  rakeup
  require_all
  rubocop
  rubocop-minitest
  rubocop-performance
  rubrowser
  simplecov
  solargraph

RUBY VERSION
   ruby 2.3.3p222

BUNDLED WITH
   2.0.2
