PATH
  remote: .
  specs:
    balanced_vrp_clustering (0.2.0)
      awesome_print
      color-generator
      geojson2image

GEM
  remote: https://rubygems.org/
  specs:
    activesupport (6.1.7.3)
      concurrent-ruby (~> 1.0, >= 1.0.2)
      i18n (>= 1.6, < 2)
      minitest (>= 5.1)
      tzinfo (~> 2.0)
      zeitwerk (~> 2.3)
    ai4r (1.13)
    ansi (1.5.0)
    ast (2.4.2)
    awesome_print (1.9.2)
    backport (1.2.0)
    benchmark (0.2.0)
    benchmark-ips (2.9.2)
    builder (3.2.4)
    byebug (11.1.3)
    chunky_png (1.4.0)
    color-generator (0.0.4)
    concurrent-ruby (1.2.2)
    diff-lcs (1.4.4)
    docile (1.4.0)
    e2mmap (0.1.0)
    geojson2image (0.2.2)
      chunky_png (~> 1.3)
      oj (~> 3.6)
    i18n (1.12.0)
      concurrent-ruby (~> 1.0)
    jaro_winkler (1.5.4)
    kramdown (2.3.1)
      rexml
    kramdown-parser-gfm (1.1.0)
      kramdown (~> 2.0)
    mini_portile2 (2.6.1)
    minitest (5.14.4)
    minitest-around (0.5.0)
      minitest (~> 5.0)
    minitest-bisect (1.5.1)
      minitest-server (~> 1.0)
      path_expander (~> 1.1)
    minitest-focus (1.3.1)
      minitest (>= 4, < 6)
    minitest-reporters (1.4.3)
      ansi
      builder
      minitest (>= 5.0)
      ruby-progressbar
    minitest-retry (0.2.2)
      minitest (>= 5.0)
    minitest-server (1.0.6)
      minitest (~> 5.0)
    minitest-stub_any_instance (1.0.2)
    nokogiri (1.12.5)
      mini_portile2 (~> 2.6.1)
      racc (~> 1.4)
    oj (3.13.11)
    parallel (1.21.0)
    parser (3.0.2.0)
      ast (~> 2.4.1)
    path_expander (1.1.0)
    racc (1.6.0)
    rainbow (3.0.0)
    rake (13.0.6)
    require_all (3.0.0)
    reverse_markdown (2.1.1)
      nokogiri
    rexml (3.2.5)
    rubocop (0.81.0)
      jaro_winkler (~> 1.5.1)
      parallel (~> 1.10)
      parser (>= 2.7.0.1)
      rainbow (>= 2.2.2, < 4.0)
      rexml
      ruby-progressbar (~> 1.7)
      unicode-display_width (>= 1.4.0, < 2.0)
    rubocop-minitest (0.9.0)
      rubocop (>= 0.74)
    rubocop-performance (1.6.1)
      rubocop (>= 0.71.0)
    ruby-progressbar (1.11.0)
    simplecov (0.21.2)
      docile (~> 1.1)
      simplecov-html (~> 0.11)
      simplecov_json_formatter (~> 0.1)
    simplecov-html (0.12.3)
    simplecov_json_formatter (0.1.3)
    solargraph (0.44.2)
      backport (~> 1.2)
      benchmark
      bundler (>= 1.17.2)
      diff-lcs (~> 1.4)
      e2mmap
      jaro_winkler (~> 1.5)
      kramdown (~> 2.3)
      kramdown-parser-gfm (~> 1.1)
      parser (~> 3.0)
      reverse_markdown (>= 1.0.5, < 3)
      rubocop (>= 0.52)
      thor (~> 1.0)
      tilt (~> 2.0)
      yard (~> 0.9, >= 0.9.24)
    thor (1.1.0)
    tilt (2.0.10)
    tzinfo (2.0.6)
      concurrent-ruby (~> 1.0)
    unicode-display_width (1.8.0)
    yard (0.9.26)
    zeitwerk (2.6.7)

PLATFORMS
  ruby

DEPENDENCIES
  activesupport
  ai4r
  balanced_vrp_clustering!
  benchmark-ips
  byebug
  minitest
  minitest-around
  minitest-bisect
  minitest-focus
  minitest-reporters
  minitest-retry
  minitest-stub_any_instance
  rake
  require_all
  rubocop
  rubocop-minitest
  rubocop-performance
  simplecov
  solargraph

RUBY VERSION
   ruby 2.5.5p157

BUNDLED WITH
   2.2.24
